GIT
  remote: git://github.com/aroop/baker_server.git
  revision: 5d3148267e431e246b3b70bbd211d8bee94d50ec
  ref: 5d3148267e431e246b3b70bbd211d8bee94d50ec
  specs:
    baker_server (0.0.1)
      bootstrap-haml-rails
      bootstrap-sass (~> 2.0.0)
      dragonfly (~> 0.9.8)
      friendly_id (~> 4.0.0)
      has_scope (~> 0.5.1)
      inherited_resources (~> 1.3.0)
      jbuilder (~> 0.3.2)
      jquery-rails
      json_builder (~> 3.1.0)
      paper_trail (~> 2)
      rack-cache (>= 0.5.3)
      rails (~> 3.2.1)
      sass-rails (~> 3.1)
      simple-navigation (~> 3.6.0)
      simple_form (~> 2.0.0)
      will_paginate (~> 3.0.3)

GEM
  remote: https://rubygems.org/
  specs:
    actionmailer (3.2.2)
      actionpack (= 3.2.2)
      mail (~> 2.4.0)
    actionpack (3.2.2)
      activemodel (= 3.2.2)
      activesupport (= 3.2.2)
      builder (~> 3.0.0)
      erubis (~> 2.7.0)
      journey (~> 1.0.1)
      rack (~> 1.4.0)
      rack-cache (~> 1.1)
      rack-test (~> 0.6.1)
      sprockets (~> 2.1.2)
    activemodel (3.2.2)
      activesupport (= 3.2.2)
      builder (~> 3.0.0)
    activerecord (3.2.2)
      activemodel (= 3.2.2)
      activesupport (= 3.2.2)
      arel (~> 3.0.2)
      tzinfo (~> 0.3.29)
    activeresource (3.2.2)
      activemodel (= 3.2.2)
      activesupport (= 3.2.2)
    activesupport (3.2.2)
      i18n (~> 0.6)
      multi_json (~> 1.0)
    addressable (2.2.7)
    arel (3.0.2)
    blankslate (2.1.2.4)
    bootstrap-haml-rails (0.4.5)
      actionpack (~> 3.0)
      activesupport (~> 3.0)
      haml (~> 3.1)
      railties (~> 3.0)
    bootstrap-sass (2.0.2)
    builder (3.0.0)
    coffee-rails (3.2.2)
      coffee-script (>= 2.2.0)
      railties (~> 3.2.0)
    coffee-script (2.2.0)
      coffee-script-source
      execjs
    coffee-script-source (1.2.0)
    daemons (1.1.8)
    dragonfly (0.9.11)
      rack
    erubis (2.7.0)
    eventmachine (0.12.10)
    excon (0.13.2)
    execjs (1.3.0)
      multi_json (~> 1.0)
    fog (1.3.1)
      builder
      excon (~> 0.13.0)
      formatador (~> 0.2.0)
      mime-types
      multi_json (~> 1.0)
      net-scp (~> 1.0.4)
      net-ssh (>= 2.1.3)
      nokogiri (~> 1.5.0)
      ruby-hmac
    formatador (0.2.1)
    friendly_id (4.0.4)
    haml (3.1.4)
    has_scope (0.5.1)
    heroku (2.23.0)
      launchy (>= 0.3.2)
      netrc (~> 0.7.1)
      rest-client (~> 1.6.1)
      rubyzip
    hike (1.2.1)
    i18n (0.6.0)
    inherited_resources (1.3.1)
      has_scope (~> 0.5.0)
      responders (~> 0.6)
    jbuilder (0.3.2)
      activesupport (>= 3.0.0)
      blankslate (>= 2.1.2.4)
    journey (1.0.3)
    jquery-rails (2.0.2)
      railties (>= 3.2.0, < 5.0)
      thor (~> 0.14)
    json (1.6.6)
    json_builder (3.1.2)
      activesupport (>= 2.0.0)
    launchy (2.1.0)
      addressable (~> 2.2.6)
    mail (2.4.4)
      i18n (>= 0.4.0)
      mime-types (~> 1.16)
      treetop (~> 1.4.8)
    mime-types (1.18)
    multi_json (1.2.0)
    net-scp (1.0.4)
      net-ssh (>= 1.99.1)
    net-ssh (2.3.0)
    netrc (0.7.1)
    nokogiri (1.5.2)
    paper_trail (2.6.3)
      activerecord (~> 3.0)
      railties (~> 3.0)
    pg (0.13.2)
    polyglot (0.3.3)
    rack (1.4.1)
    rack-cache (1.2)
      rack (>= 0.4)
    rack-ssl (1.3.2)
      rack
    rack-test (0.6.1)
      rack (>= 1.0)
    rails (3.2.2)
      actionmailer (= 3.2.2)
      actionpack (= 3.2.2)
      activerecord (= 3.2.2)
      activeresource (= 3.2.2)
      activesupport (= 3.2.2)
      bundler (~> 1.0)
      railties (= 3.2.2)
    railties (3.2.2)
      actionpack (= 3.2.2)
      activesupport (= 3.2.2)
      rack-ssl (~> 1.3.2)
      rake (>= 0.8.7)
      rdoc (~> 3.4)
      thor (~> 0.14.6)
    rake (0.9.2.2)
    rdoc (3.12)
      json (~> 1.4)
    responders (0.9.1)
      railties (~> 3.1)
    rest-client (1.6.7)
      mime-types (>= 1.16)
    ruby-hmac (0.4.0)
    rubyzip (0.9.6.1)
    sass (3.1.15)
    sass-rails (3.2.5)
      railties (~> 3.2.0)
      sass (>= 3.1.10)
      tilt (~> 1.3)
    simple-navigation (3.6.0)
      activesupport (>= 2.3.2)
    simple_form (2.0.1)
      actionpack (~> 3.0)
      activemodel (~> 3.0)
    sprockets (2.1.2)
      hike (~> 1.2)
      rack (~> 1.0)
      tilt (~> 1.1, != 1.3.0)
    thin (1.3.1)
      daemons (>= 1.0.9)
      eventmachine (>= 0.12.6)
      rack (>= 1.0.0)
    thor (0.14.6)
    tilt (1.3.3)
    treetop (1.4.10)
      polyglot
      polyglot (>= 0.3.1)
    tzinfo (0.3.32)
    uglifier (1.2.4)
      execjs (>= 0.3.0)
      multi_json (>= 1.0.2)
    will_paginate (3.0.3)

PLATFORMS
  ruby

DEPENDENCIES
  baker_server!
  coffee-rails (~> 3.2.1)
  dragonfly (~> 0.9.8)
  fog
  heroku
  inherited_resources (~> 1.3.0)
  jquery-rails (~> 2.0.0)
  pg (~> 0.13.0)
  rails (= 3.2.2)
  sass-rails (~> 3.2.3)
  simple_form (~> 2.0.0)
  thin (~> 1.3.1)
  uglifier (>= 1.0.3)
  will_paginate (~> 3.0.3)
